GEM
  remote: https://rubygems.org/
  specs:
    activesupport (3.2.11)
      i18n (~> 0.6)
      multi_json (~> 1.0)
    extlib (0.9.16)
    highline (1.7.10)
    httpclient (2.2.5)
    i18n (0.6.9)
    json (2.1.0)
    jsonpath (0.8.11)
      multi_json
      to_regexp (~> 0.2.1)
    multi_json (1.13.1)
    nexus_cli (3.0.0)
      extlib
      highline
      httpclient (= 2.2.5)
      json
      jsonpath
      thor
    thor (0.20.0)
    to_regexp (0.2.1)

PLATFORMS
  ruby

DEPENDENCIES
  activesupport (= 3.2.11)
  i18n (= 0.6.9)
  nexus_cli (= 3.0.0)

BUNDLED WITH
   1.16.1
